GIT
  remote: git://github.com/mdlima/codebase-api.git
  revision: f597eb8e642392124cafe75d0db0c39d90d766f5
  branch: master
  specs:
    codebase_api (0.1.0)
      colorize

GEM
  remote: https://rubygems.org/
  specs:
    alfred-workflow (2.0.5)
      fuzzy_match (>= 2.0.4)
      gyoku (>= 1.1.0)
      moneta (>= 0.7.19)
      nori (>= 2.3.0)
      plist (>= 3.1.0)
      terminal-notifier (>= 1.5.0)
    builder (3.2.2)
    colorize (0.7.3)
    fuzzy_match (2.1.0)
    gyoku (1.1.1)
      builder (>= 2.1.2)
    moneta (0.8.0)
    nori (2.4.0)
    plist (3.1.0)
    terminal-notifier (1.6.1)

PLATFORMS
  ruby

DEPENDENCIES
  alfred-workflow
  codebase_api!
  plist
